GEM
  remote: http://rubygems.org/
  specs:
    nest (1.1.0)
      redis (~> 2.1)
    ohm (0.1.5)
      nest (~> 1.0)
    rack (1.4.1)
    rack-protection (1.2.0)
      rack
    redis (2.2.2)
    shotgun (0.9)
      rack (>= 1.0)
    sinatra (1.3.2)
      rack (~> 1.3, >= 1.3.6)
      rack-protection (~> 1.2)
      tilt (~> 1.3, >= 1.3.3)
    tilt (1.3.3)

PLATFORMS
  ruby

DEPENDENCIES
  ohm
  shotgun
  sinatra
